GEM
  remote: https://rubygems.org/
  specs:
    charma (0.1.2)
      prawn (~> 2.2.2)
    pdf-core (0.7.0)
    prawn (2.2.2)
      pdf-core (~> 0.7.0)
      ttfunk (~> 1.5)
    ttfunk (1.6.1)

PLATFORMS
  ruby

DEPENDENCIES
  charma (~> 0.1.2)

BUNDLED WITH
   2.0.2
